GEM
  remote: https://rubygems.org/
  specs:
    bond (0.5.1)
    coderay (1.0.9)
    maxminddb (0.1.22)
    mustermann (1.1.1)
      ruby2_keywords (~> 0.0.1)
    nio4r (2.5.4)
    paint (2.2.0)
    puma (5.0.4)
      nio4r (~> 2.0)
    rack (2.2.3)
    rack-protection (2.1.0)
      rack
    rake (13.0.1)
    ripl (0.7.1)
      bond (~> 0.5.1)
    ripl-auto_indent (0.2.0)
      ripl (>= 0.6.0)
      ripl-multi_line (>= 0.3.0)
      ruby_indentation (>= 0.2.0)
    ripl-color_error (0.1.1)
      ripl (>= 0.2.0)
    ripl-color_result (0.4.1)
      ripl (>= 0.4.1)
      wirb (>= 0.4.0)
    ripl-color_streams (0.1.2)
      ripl (>= 0.2.8)
    ripl-irb (0.2.3)
      ripl (>= 0.2.5)
    ripl-multi_line (0.3.1)
      ripl (>= 0.3.6)
    ripl-short_errors (0.1.0)
      ripl (>= 0.2.8)
    ruby2_keywords (0.0.2)
    ruby_indentation (0.2.0)
      coderay (~> 1.0.5)
    sinatra (2.1.0)
      mustermann (~> 1.0)
      rack (~> 2.2)
      rack-protection (= 2.1.0)
      tilt (~> 2.0)
    sinatra-param (1.6.0)
      sinatra (>= 1.3)
    tilt (2.0.10)
    wirb (2.2.1)
      paint (>= 0.9, < 3.0)

PLATFORMS
  ruby

DEPENDENCIES
  maxminddb
  puma
  rake
  ripl
  ripl-auto_indent
  ripl-color_error
  ripl-color_result
  ripl-color_streams
  ripl-irb
  ripl-multi_line
  ripl-short_errors
  sinatra
  sinatra-param

BUNDLED WITH
   2.1.4
