GEM
  remote: https://rubygems.org/
  specs:
    maxminddb (0.1.22)
    mustermann (2.0.2)
      ruby2_keywords (~> 0.0.1)
    nio4r (2.5.4)
    puma (5.0.4)
      nio4r (~> 2.0)
    rack (2.2.4)
    rack-protection (2.2.3)
      rack
    rake (13.0.1)
    ruby2_keywords (0.0.5)
    sinatra (2.2.3)
      mustermann (~> 2.0)
      rack (~> 2.2)
      rack-protection (= 2.2.3)
      tilt (~> 2.0)
    sinatra-param (1.6.0)
      sinatra (>= 1.3)
    tilt (2.0.11)

PLATFORMS
  ruby

DEPENDENCIES
  maxminddb
  puma
  rake
  sinatra
  sinatra-param

BUNDLED WITH
   2.1.4
