GEM
  remote: https://rubygems.org/
  specs:
    bond (0.5.1)
    coderay (1.0.9)
    daemons (1.3.1)
    eventmachine (1.2.7)
    maxminddb (0.1.22)
    mustermann (1.0.3)
    paint (2.1.0)
    rack (2.0.7)
    rack-protection (2.0.5)
      rack
    rake (12.3.2)
    ripl (0.7.1)
      bond (~> 0.5.1)
    ripl-auto_indent (0.2.0)
      ripl (>= 0.6.0)
      ripl-multi_line (>= 0.3.0)
      ruby_indentation (>= 0.2.0)
    ripl-color_error (0.1.1)
      ripl (>= 0.2.0)
    ripl-color_result (0.4.1)
      ripl (>= 0.4.1)
      wirb (>= 0.4.0)
    ripl-color_streams (0.1.2)
      ripl (>= 0.2.8)
    ripl-irb (0.2.3)
      ripl (>= 0.2.5)
    ripl-multi_line (0.3.1)
      ripl (>= 0.3.6)
    ripl-short_errors (0.1.0)
      ripl (>= 0.2.8)
    ruby_indentation (0.2.0)
      coderay (~> 1.0.5)
    sinatra (2.0.5)
      mustermann (~> 1.0)
      rack (~> 2.0)
      rack-protection (= 2.0.5)
      tilt (~> 2.0)
    sinatra-param (1.6.0)
      sinatra (>= 1.3)
    thin (1.7.2)
      daemons (~> 1.0, >= 1.0.9)
      eventmachine (~> 1.0, >= 1.0.4)
      rack (>= 1, < 3)
    tilt (2.0.9)
    wirb (2.1.2)
      paint (>= 0.9, < 3.0)

PLATFORMS
  ruby

DEPENDENCIES
  maxminddb
  rake
  ripl
  ripl-auto_indent
  ripl-color_error
  ripl-color_result
  ripl-color_streams
  ripl-irb
  ripl-multi_line
  ripl-short_errors
  sinatra
  sinatra-param
  thin

BUNDLED WITH
   1.17.2
